GEM
  remote: https://rubygems.org/
  specs:
    actionpack (4.1.1)
      actionview (= 4.1.1)
      activesupport (= 4.1.1)
      rack (~> 1.5.2)
      rack-test (~> 0.6.2)
    actionview (4.1.1)
      activesupport (= 4.1.1)
      builder (~> 3.1)
      erubis (~> 2.7.0)
    activesupport (4.1.1)
      i18n (~> 0.6, >= 0.6.9)
      json (~> 1.7, >= 1.7.7)
      minitest (~> 5.1)
      thread_safe (~> 0.1)
      tzinfo (~> 1.1)
    addressable (2.3.6)
    adsf (1.2.0)
      rack (>= 1.0.0)
    awesome_print (1.2.0)
    builder (3.2.2)
    coderay (1.0.9)
    colored (1.2)
    cri (2.6.1)
      colored (~> 1.2)
    erubis (2.7.0)
    faraday (0.8.9)
      multipart-post (~> 1.2.0)
    faraday-http-cache (0.4.0)
      faraday (~> 0.8)
    foundation-rails (5.3.0.1)
      railties (>= 3.1.0)
      sass (>= 3.2.0)
    i18n (0.6.9)
    json (1.8.1)
    method_source (0.8.2)
    minitest (5.3.3)
    multipart-post (1.2.0)
    nanoc (3.7.1)
      cri (~> 2.3)
    nokogiri (1.5.10)
    octokit (2.7.0)
      sawyer (~> 0.5.2)
    posix-spawn (0.3.8)
    pry (0.9.12.2)
      coderay (~> 1.0.5)
      method_source (~> 0.8)
      slop (~> 3.4)
    pygments.rb (0.5.4)
      posix-spawn (~> 0.3.6)
      yajl-ruby (~> 1.1.0)
    rack (1.5.2)
    rack-test (0.6.2)
      rack (>= 1.0)
    railties (4.1.1)
      actionpack (= 4.1.1)
      activesupport (= 4.1.1)
      rake (>= 0.8.7)
      thor (>= 0.18.1, < 2.0)
    rake (10.3.2)
    redcarpet (3.1.2)
    sass (3.3.7)
    sawyer (0.5.2)
      addressable (~> 2.3.5)
      faraday (~> 0.8, < 0.10)
    slop (3.4.6)
    thor (0.19.1)
    thread_safe (0.3.4)
    tzinfo (1.1.0)
      thread_safe (~> 0.1)
    yajl-ruby (1.1.0)

PLATFORMS
  ruby

DEPENDENCIES
  activesupport
  adsf
  awesome_print
  faraday-http-cache
  foundation-rails
  nanoc
  nokogiri
  octokit
  pry
  pygments.rb
  redcarpet
  sass
